GIT
  remote: git://github.com/netguru/capistrano-docker.git
  revision: 873aa5fdce66c6962dad555a914d31d4fdc77f5c
  specs:
    capistrano-docker (0.2.11)
      capistrano (>= 3.3)

GEM
  remote: https://rubygems.org/
  specs:
    airbrussh (1.1.2)
      sshkit (>= 1.6.1, != 1.7.0)
    capistrano (3.7.1)
      airbrussh (>= 1.0.0)
      capistrano-harrow
      i18n
      rake (>= 10.0.0)
      sshkit (>= 1.9.0)
    capistrano-harrow (0.5.3)
    i18n (0.7.0)
    net-scp (1.2.1)
      net-ssh (>= 2.6.5)
    net-ssh (4.0.1)
    rake (12.0.0)
    sshkit (1.11.5)
      net-scp (>= 1.1.2)
      net-ssh (>= 2.8.0)

PLATFORMS
  ruby

DEPENDENCIES
  airbrussh
  capistrano
  capistrano-docker!

BUNDLED WITH
   1.12.5
